GEM
  remote: http://rubygems.org/
  specs:
    rake (0.9.6)
    serialport (1.1.0)

PLATFORMS
  ruby

DEPENDENCIES
  rake (= 0.9.6)
  serialport (= 1.1.0)
